GEM
  remote: https://rubygems.org/
  specs:
    rack (2.0.1)
    roda (2.22.0)
      rack
    sequel (4.43.0)
    sqlite3 (1.3.13)

PLATFORMS
  ruby

DEPENDENCIES
  roda
  sequel
  sqlite3

BUNDLED WITH
   1.13.6
